GEM
  remote: http://rubygems.org/
  specs:
    chunky_png (1.2.5)
    compass (0.11.7)
      chunky_png (~> 1.2)
      fssm (>= 0.2.7)
      sass (~> 3.1)
    fssm (0.2.8.1)
    json (1.6.5)
    rack (1.4.1)
    rake (0.9.2.2)
    rake-pipeline (0.5.0)
      rake (~> 0.9.0)
    rake-pipeline-web-filters (0.5.0)
      rake-pipeline
    sass (3.1.15)
    tilt (1.3.3)

PLATFORMS
  ruby

DEPENDENCIES
  compass
  json
  rack
  rake-pipeline
  rake-pipeline-web-filters
  tilt
